GEM
  remote: http://rubygems.org/
  specs:
    Ascii85 (1.0.1)
    activemodel (3.2.3)
      activesupport (= 3.2.3)
      builder (~> 3.0.0)
    activerecord (3.2.3)
      activemodel (= 3.2.3)
      activesupport (= 3.2.3)
      arel (~> 3.0.2)
      tzinfo (~> 0.3.29)
    activesupport (3.2.3)
      i18n (~> 0.6)
      multi_json (~> 1.0)
    addressable (2.2.7)
    arel (3.0.2)
    aws (2.5.6)
      http_connection
      uuidtools
      xml-simple
    aws-s3 (0.6.2)
      builder
      mime-types
      xml-simple
    bson (1.6.1)
    builder (3.0.0)
    carrierwave (0.6.1)
      activemodel (>= 3.2.0)
      activesupport (>= 3.2.0)
    concur (0.1.2)
      em-http-request
      em-http-request
      eventmachine
      eventmachine
      faraday
      faraday
    cookiejar (0.3.0)
    domain_name (0.5.2)
      unf (~> 0.0.3)
    dropbox (1.2.3)
      json (>= 1.2.0)
      mechanize (>= 1.0.0)
      multipart-post (>= 1.0)
      oauth (>= 0.3.6)
    em-http-request (1.0.2)
      addressable (>= 2.2.3)
      cookiejar
      em-socksify
      eventmachine (>= 1.0.0.beta.4)
      http_parser.rb (>= 0.5.3)
    em-socksify (0.2.0)
      eventmachine (>= 1.0.0.beta.4)
    eventmachine (1.0.0.beta.4)
    excon (0.13.2)
    faraday (0.7.6)
      addressable (~> 2.2)
      multipart-post (~> 1.1)
      rack (~> 1.1)
    fog (1.3.1)
      builder
      excon (~> 0.13.0)
      formatador (~> 0.2.0)
      mime-types
      multi_json (~> 1.0)
      net-scp (~> 1.0.4)
      net-ssh (>= 2.1.3)
      nokogiri (~> 1.5.0)
      ruby-hmac
    formatador (0.2.1)
    git (1.2.5)
    hashie (1.2.0)
    http_connection (1.4.1)
    http_parser.rb (0.5.3)
    i18n (0.6.0)
    iron_mq (1.5.0)
      rest
      rest
      rest-client
      rest-client
    iron_worker (2.3.13)
      bundler
      bundler
      rest
      rest
      rest-client
      rest-client
      zip
      zip
    jeweler2 (2.0.9)
      git (>= 1.2.5)
    json (1.6.6)
    logglier (0.2.7)
    mail (2.4.4)
      i18n (>= 0.4.0)
      mime-types (~> 1.16)
      treetop (~> 1.4.8)
    mechanize (2.3)
      domain_name (~> 0.5, >= 0.5.1)
      mime-types (~> 1.17, >= 1.17.2)
      net-http-digest_auth (~> 1.1, >= 1.1.1)
      net-http-persistent (~> 2.5, >= 2.5.2)
      nokogiri (~> 1.4)
      ntlm-http (~> 0.1, >= 0.1.1)
      webrobots (~> 0.0, >= 0.0.9)
    mime-types (1.18)
    mini_fb (1.1.7)
      hashie
      rest-client
    mongo (1.6.1)
      bson (~> 1.6.1)
    mongoid (2.4.7)
      activemodel (~> 3.1)
      mongo (~> 1.3)
      tzinfo (~> 0.3.22)
    mongoid_i18n (0.5.1)
      mongoid (>= 2.1.0)
    multi_json (1.2.0)
    multipart-post (1.1.5)
    mysql2 (0.3.11)
    net-http-digest_auth (1.2)
    net-http-persistent (2.6)
    net-scp (1.0.4)
      net-ssh (>= 1.99.1)
    net-ssh (2.3.0)
    nokogiri (1.5.2)
    ntlm-http (0.1.1)
    oauth (0.4.5)
    pdf-reader (1.0.0)
      Ascii85 (~> 1.0.0)
      ruby-rc4
    polyglot (0.3.3)
    prawn (0.12.0)
      pdf-reader (>= 0.9.0)
      ttfunk (~> 1.0.2)
    pusher (0.9.2)
      multi_json (~> 1.0)
      ruby-hmac (~> 0.4.0)
      signature (~> 0.1.2)
    rack (1.3.6)
    rest (0.2.0)
      rest-client
      rest-client
    rest-client (1.6.7)
      mime-types (>= 1.16)
    ruby-hmac (0.4.0)
    ruby-rc4 (0.1.5)
    signature (0.1.2)
      ruby-hmac
    simple_record (2.2.0)
      aws
      concur
    test-unit (2.4.8)
    timecop (0.3.5)
    treetop (1.4.10)
      polyglot
      polyglot (>= 0.3.1)
    ttfunk (1.0.3)
    typhoeus (0.3.3)
      mime-types
    tzinfo (0.3.32)
    uber_config (0.0.1)
    unf (0.0.5)
      unf_ext
    unf_ext (0.0.4)
    uuidtools (2.1.2)
    webrobots (0.0.13)
    xml-simple (1.1.1)
    zip (2.0.2)

PLATFORMS
  ruby

DEPENDENCIES
  activerecord
  activesupport
  aws-s3
  carrierwave
  concur
  dropbox (= 1.2.3)
  fog
  iron_mq
  iron_worker
  jeweler2
  logglier
  mail
  mechanize
  mini_fb
  mongoid_i18n
  mysql2
  pdf-reader
  prawn
  pusher
  rack
  rest
  signature
  simple_record
  test-unit
  timecop
  typhoeus
  uber_config
  zip
